GEM
  remote: https://rubygems.org/
  specs:
    connection_pool (2.2.2)
    rack (2.1.1)
    rack-protection (2.0.4)
      rack
    redis (4.0.2)
    sidekiq (5.2.2)
      connection_pool (~> 2.2, >= 2.2.2)
      rack-protection (>= 1.5.0)
      redis (>= 3.3.5, < 5)

PLATFORMS
  ruby

DEPENDENCIES
  redis
  sidekiq

BUNDLED WITH
   1.16.4
